NUGET
  remote: https://nuget.org/api/v2
  specs:
    Aether (7.0.2)
    Autofac (4.0.0-beta8-157) - framework: >= net45, dnx451, dnxcore50
      System.Collections (>= 4.0.11-beta-23409) - framework: dnxcore50
      System.Collections.Concurrent (>= 4.0.11-beta-23409) - framework: dnxcore50
      System.ComponentModel (>= 4.0.1-beta-23409) - framework: dnxcore50
      System.Diagnostics.Contracts (>= 4.0.1-beta-23409) - framework: dnxcore50
      System.Diagnostics.Debug (>= 4.0.11-beta-23409) - framework: dnxcore50
      System.Diagnostics.Tools (>= 4.0.1-beta-23409) - framework: dnxcore50
      System.Globalization (>= 4.0.11-beta-23409) - framework: dnxcore50
      System.Linq (>= 4.0.1-beta-23409) - framework: dnxcore50
      System.Linq.Expressions (>= 4.0.11-beta-23409) - framework: dnxcore50
      System.Reflection (>= 4.1.0-beta-23409) - framework: dnxcore50
      System.Reflection.Extensions (>= 4.0.1-beta-23409) - framework: dnxcore50
      System.Reflection.Primitives (>= 4.0.1-beta-23409) - framework: dnxcore50
      System.Reflection.TypeExtensions (>= 4.0.1-beta-23409) - framework: dnxcore50
      System.Resources.ResourceManager (>= 4.0.1-beta-23409) - framework: dnxcore50
      System.Runtime (>= 4.0.21-beta-23409) - framework: dnxcore50
      System.Threading (>= 4.0.11-beta-23409) - framework: dnxcore50
      System.Threading.Tasks (>= 4.0.11-beta-23409) - framework: dnxcore50
    Autofac.Configuration (4.0.0-beta8-262)
      Autofac (>= 4.0.0-beta8-157) - framework: >= net45, dnx451, dnxcore50
      Microsoft.Framework.Configuration (>= 1.0.0-beta8) - framework: >= net45, dnx451, dnxcore50
      System.Collections (>= 4.0.11-beta-23409) - framework: dnxcore50
      System.ComponentModel.TypeConverter (>= 4.0.1-beta-23409) - framework: dnxcore50
      System.Diagnostics.Tools (>= 4.0.1-beta-23409) - framework: dnxcore50
      System.Globalization (>= 4.0.11-beta-23409) - framework: dnxcore50
      System.IO (>= 4.0.11-beta-23409) - framework: dnxcore50
      System.Linq (>= 4.0.1-beta-23409) - framework: dnxcore50
      System.Reflection (>= 4.1.0-beta-23409) - framework: dnxcore50
      System.Reflection.Extensions (>= 4.0.1-beta-23409) - framework: dnxcore50
      System.Reflection.TypeExtensions (>= 4.0.1-beta-23409) - framework: dnxcore50
      System.Resources.ResourceManager (>= 4.0.1-beta-23409) - framework: dnxcore50
    Destructurama.FSharp (1.0.14)
      Serilog (>= 1.4.204)
    EventStore.Client.FSharp (4.2.0)
      EventStore.Client.PreRelease (>= 3.1.0)
      FSharp.Core (>= 4.0.0.1)
      Chiron (>= 4.1.0)
    EventStore.Client.PreRelease (3.1.1)
      Newtonsoft.Json (>= 6.0.8)
      protobuf-net (>= 2.0.0.668)
    Expression.Blend.Sdk (1.0.2)
    FAKE (3.28.7)
    FParsec (1.0.2)
    FSharp.Actor-logary (3.4.2)
      FSharp.Core (>= 3.1.2.5)
    FSharp.Compiler.Service (0.0.89)
    FSharp.Core (4.0.0.1)
    FSharp.Data (2.2.5)
      Zlib.Portable (>= 1.10.0) - framework: portable-net40+sl50+wp80+win80
    FSharp.Data.SqlClient (1.7.7)
    FSharp.Formatting (2.9.0)
      FSharp.Compiler.Service (>= 0.0.87)
      FSharpVSPowerTools.Core (1.8.0)
    FSharp.ViewModule.Core (0.9.9.1)
    FSharpVSPowerTools.Core (1.8.0)
      FSharp.Compiler.Service (>= 0.0.87)
    FsXaml.Wpf (0.9.9)
      Expression.Blend.Sdk (>= 1.0.2) - framework: >= net45
    FunScript (1.1.94)
    FunScript.TypeScript.Binding.jquery (1.1.0.37)
      FunScript.TypeScript.Binding.lib (>= 1.1.0.37)
    FunScript.TypeScript.Binding.lib (1.1.0.37)
    Chiron (5.2.1)
      Aether (>= 7.0.1)
      FParsec (>= 1.0.2)
    jQuery (2.1.4)
    Logary (3.4.2)
      FSharp.Actor-logary (>= 3.4.2)
      FSharp.Core (>= 3.1.2.5)
      Newtonsoft.Json (>= 6.0.8)
      Newtonsoft.Json.FSharp (>= 3.2.2)
      NodaTime.Serialization.JsonNet (>= 1.3.1)
    Microsoft.Bcl (1.1.10)
      Microsoft.Bcl.Build (>= 1.0.14)
    Microsoft.Bcl.Build (1.0.21) - import_targets: false
    Microsoft.CodeDom.Providers.DotNetCompilerPlatform (1.0.1)
      Microsoft.Net.Compilers (>= 1.0.0)
    Microsoft.Framework.Configuration (1.0.0-beta8) - framework: >= net45, dnx451, dnxcore50
      Microsoft.Framework.Configuration.Abstractions (>= 1.0.0-beta8) - framework: >= net45, dnx451, dnxcore50
      System.Collections (>= 4.0.10) - framework: dnxcore50
      System.Collections (>= 4.0.11-beta-23409) - framework: dnxcore50
      System.Diagnostics.Debug (>= 4.0.10) - framework: dnxcore50
      System.Diagnostics.Debug (>= 4.0.11-beta-23409) - framework: dnxcore50
      System.Globalization (>= 4.0.10) - framework: dnxcore50
      System.IO (>= 4.0.11-beta-23409) - framework: dnxcore50
      System.IO.FileSystem (>= 4.0.1-beta-23409) - framework: dnxcore50
      System.Linq (>= 4.0.0) - framework: dnxcore50
      System.Reflection (>= 4.0.10) - framework: dnxcore50
      System.Resources.ResourceManager (>= 4.0.0) - framework: dnxcore50
      System.Resources.ResourceManager (>= 4.0.1-beta-23409) - framework: dnxcore50
      System.Runtime (>= 4.0.20) - framework: dnxcore50
      System.Runtime.Extensions (>= 4.0.10) - framework: dnxcore50
      System.Runtime.Extensions (>= 4.0.11-beta-23409) - framework: dnxcore50
      System.Runtime.InteropServices (>= 4.0.20) - framework: dnxcore50
      System.Runtime.InteropServices (>= 4.0.21-beta-23409) - framework: dnxcore50
    Microsoft.Framework.Configuration.Abstractions (1.0.0-beta8) - framework: >= net45, dnx451, dnxcore50
      System.Collections (>= 4.0.10) - framework: dnxcore50
      System.Linq (>= 4.0.1-beta-23409) - framework: dnxcore50
      System.Resources.ResourceManager (>= 4.0.0) - framework: dnxcore50
      System.Runtime (>= 4.0.20) - framework: dnxcore50
    Microsoft.Framework.Configuration.FileExtensions (1.0.0-beta8) - framework: >= net45, dnx451, dnxcore50
      Microsoft.Framework.Configuration (>= 1.0.0-beta8) - framework: >= net45, dnx451, dnxcore50
    Microsoft.Framework.Configuration.Json (1.0.0-beta8)
      Microsoft.Framework.Configuration (>= 1.0.0-beta8) - framework: >= net45, dnx451, dnxcore50
      Microsoft.Framework.Configuration.FileExtensions (>= 1.0.0-beta8) - framework: >= net45, dnx451, dnxcore50
      Newtonsoft.Json (>= 6.0.6) - framework: >= net45, dnx451, dnxcore50
      System.Dynamic.Runtime (>= 4.0.10) - framework: dnxcore50
      System.Dynamic.Runtime (>= 4.0.11-beta-23409) - framework: dnxcore50
      System.IO (>= 4.0.10) - framework: dnxcore50
      System.IO.FileSystem (>= 4.0.0) - framework: dnxcore50
      System.IO.FileSystem.Primitives (>= 4.0.0) - framework: dnxcore50
    Microsoft.Net.Compilers (1.0.0)
    Microsoft.Net.Http (2.2.29)
      Microsoft.Bcl (>= 1.1.10)
      Microsoft.Bcl.Build (>= 1.0.14)
    Microsoft.Office.js (1.1.0.9)
    Microsoft.Orleans.Core (1.0.10)
    Microsoft.Orleans.OrleansProviders (1.0.10)
      Microsoft.Orleans.Core (>= 1.0.10)
    Microsoft.Orleans.OrleansRuntime (1.0.10)
      Microsoft.Orleans.Core (>= 1.0.10)
    Microsoft.Orleans.Templates.Grains (1.0.10)
      Microsoft.Orleans.Core (>= 1.0.10)
    Microsoft.Orleans.Templates.Interfaces (1.0.10)
      Microsoft.Orleans.Core (>= 1.0.10)
    Microsoft.Owin (3.0.1)
      Owin (>= 1.0)
    ModernUI.WPF (1.0.6)
    Mono.Cecil (0.9.6.1)
    Newtonsoft.Json (7.0.1)
    Newtonsoft.Json.FSharp (3.2.2)
      FSharp.Core (>= 3.1.2.1)
      Newtonsoft.Json (>= 6.0.8)
      NodaTime (>= 1.3.0)
    NMemory (1.1.2)
    NodaTime (1.3.1)
    NodaTime.Serialization.JsonNet (1.3.1)
      Newtonsoft.Json (>= 4.5.11)
      NodaTime (>= 1.3.0)
    NUnit (2.6.4)
    NUnit.Runners (2.6.4)
    Octokit (0.9.0)
      Microsoft.Net.Http
    Orleankka (0.10.10)
      Microsoft.Orleans.OrleansProviders (>= 1.0.10)
      Microsoft.Orleans.OrleansRuntime (>= 1.0.10)
    Orleankka.Fsharp (0.10.10)
      Orleankka (>= 0.10.10.0)
    Owin (1.0)
    protobuf-net (2.0.0.668)
    Serilog (1.5.12)
    SourceLink.Fake (1.0.0)
    Suave (0.33.0-libuv)
      FSharp.Core (>= 3.1.2.5)
    System.Collections (4.0.11-beta-23516) - framework: dnxcore50
      System.Diagnostics.Debug (>= 4.0.0) - framework: dnxcore50
      System.Resources.ResourceManager (>= 4.0.0) - framework: dnxcore50
      System.Runtime (>= 4.0.0)
      System.Runtime (>= 4.0.21-beta-23516) - framework: dnxcore50
      System.Runtime.Extensions (>= 4.0.0) - framework: dnxcore50
      System.Threading (>= 4.0.0) - framework: dnxcore50
    System.Collections.Concurrent (4.0.11-beta-23516) - framework: dnxcore50
      System.Collections (>= 4.0.10)
      System.Diagnostics.Debug (>= 4.0.10)
      System.Diagnostics.Tracing (>= 4.0.20)
      System.Globalization (>= 4.0.10)
      System.Resources.ResourceManager (>= 4.0.0)
      System.Runtime (>= 4.0.0)
      System.Runtime (>= 4.0.20)
      System.Runtime.Extensions (>= 4.0.10)
      System.Threading (>= 4.0.10)
      System.Threading.Tasks (>= 4.0.0)
      System.Threading.Tasks (>= 4.0.10)
    System.ComponentModel (4.0.1-beta-23516) - framework: dnxcore50
      System.Runtime (>= 4.0.0)
      System.Runtime (>= 4.0.20)
    System.ComponentModel.Primitives (4.0.0) - framework: dnxcore50
      System.ComponentModel (>= 4.0.0) - framework: dnxcore50
      System.Runtime (>= 4.0.20) - framework: dnxcore50
    System.ComponentModel.TypeConverter (4.0.1-beta-23409) - framework: dnxcore50
      System.Collections (>= 4.0.10) - framework: dnxcore50
      System.ComponentModel (>= 4.0.0) - framework: dnxcore50
      System.ComponentModel.Primitives (>= 4.0.0) - framework: dnxcore50
      System.Globalization (>= 4.0.10) - framework: dnxcore50
      System.Reflection (>= 4.0.10) - framework: dnxcore50
      System.Reflection.Extensions (>= 4.0.0) - framework: dnxcore50
      System.Reflection.Primitives (>= 4.0.0) - framework: dnxcore50
      System.Resources.ResourceManager (>= 4.0.0) - framework: dnxcore50
      System.Runtime (>= 4.0.20) - framework: dnxcore50
      System.Runtime.Extensions (>= 4.0.10) - framework: dnxcore50
      System.Threading (>= 4.0.10) - framework: dnxcore50
    System.Diagnostics.Contracts (4.0.1-beta-23516) - framework: dnxcore50
      System.Runtime (>= 4.0.0)
    System.Diagnostics.Debug (4.0.11-beta-23516)
      System.Runtime (>= 4.0.0)
    System.Diagnostics.Tools (4.0.1-beta-23409) - framework: dnxcore50
      System.Runtime (>= 4.0.0) - framework: dnxcore50
    System.Diagnostics.Tracing (4.0.20) - framework: dnxcore50
      System.Collections (>= 4.0.10) - framework: dnxcore50
      System.Globalization (>= 4.0.0) - framework: dnxcore50
      System.Reflection (>= 4.0.10) - framework: dnxcore50
      System.Reflection.Extensions (>= 4.0.0) - framework: dnxcore50
      System.Resources.ResourceManager (>= 4.0.0) - framework: dnxcore50
      System.Runtime (>= 4.0.0) - framework: dnxcore50
      System.Runtime (>= 4.0.20) - framework: dnxcore50
      System.Runtime.Extensions (>= 4.0.10) - framework: dnxcore50
      System.Runtime.InteropServices (>= 4.0.0) - framework: dnxcore50
      System.Text.Encoding (>= 4.0.0) - framework: dnxcore50
      System.Threading (>= 4.0.10) - framework: dnxcore50
    System.Dynamic.Runtime (4.0.11-beta-23516) - framework: dnxcore50
      System.Collections (>= 4.0.10) - framework: dnxcore50
      System.Diagnostics.Debug (>= 4.0.10) - framework: dnxcore50
      System.Globalization (>= 4.0.10) - framework: dnxcore50
      System.Linq (>= 4.0.0) - framework: dnxcore50
      System.Linq.Expressions (>= 4.0.0)
      System.Linq.Expressions (>= 4.0.10)
      System.ObjectModel (>= 4.0.0)
      System.ObjectModel (>= 4.0.10) - framework: dnxcore50
      System.Reflection (>= 4.0.0)
      System.Reflection (>= 4.0.10) - framework: dnxcore50
      System.Reflection.Emit (>= 4.0.0) - framework: dnxcore50
      System.Reflection.Emit.ILGeneration (>= 4.0.0) - framework: dnxcore50
      System.Reflection.Primitives (>= 4.0.0) - framework: dnxcore50
      System.Reflection.TypeExtensions (>= 4.0.0) - framework: dnxcore50
      System.Resources.ResourceManager (>= 4.0.0) - framework: dnxcore50
      System.Runtime (>= 4.0.0)
      System.Runtime (>= 4.0.20)
      System.Runtime.Extensions (>= 4.0.10) - framework: dnxcore50
      System.Threading (>= 4.0.10) - framework: dnxcore50
    System.Globalization (4.0.11-beta-23516) - framework: dnxcore50
      System.Runtime (>= 4.0.0)
    System.IO (4.0.11-beta-23516)
      System.Globalization (>= 4.0.0) - framework: dnxcore50
      System.Runtime (>= 4.0.0)
      System.Runtime (>= 4.0.20)
      System.Text.Encoding (>= 4.0.0)
      System.Text.Encoding (>= 4.0.10) - framework: dnxcore50
      System.Text.Encoding.Extensions (>= 4.0.0) - framework: dnxcore50
      System.Threading (>= 4.0.0) - framework: dnxcore50
      System.Threading.Tasks (>= 4.0.0)
    System.IO.FileSystem (4.0.1-beta-23516)
      System.IO (>= 4.0.0)
      System.IO.FileSystem.Primitives (>= 4.0.0)
      System.Runtime (>= 4.0.0)
      System.Runtime.Handles (>= 4.0.0)
      System.Text.Encoding (>= 4.0.0)
      System.Threading.Tasks (>= 4.0.0)
    System.IO.FileSystem.Primitives (4.0.0)
      System.Runtime (>= 4.0.20) - framework: dnxcore50
    System.Linq (4.0.1-beta-23516) - framework: dnxcore50
      System.Collections (>= 4.0.0)
      System.Collections (>= 4.0.10)
      System.Diagnostics.Debug (>= 4.0.10)
      System.Resources.ResourceManager (>= 4.0.0)
      System.Runtime (>= 4.0.0)
      System.Runtime (>= 4.0.20)
      System.Runtime.Extensions (>= 4.0.10)
    System.Linq.Expressions (4.0.11-beta-23516) - framework: dnxcore50
      System.Reflection (>= 4.0.0)
      System.Runtime (>= 4.0.0)
    System.Management.Automation (6.1.7601.17515)
    System.ObjectModel (4.0.10) - framework: dnxcore50
      System.Collections (>= 4.0.10) - framework: dnxcore50
      System.Diagnostics.Debug (>= 4.0.10) - framework: dnxcore50
      System.Resources.ResourceManager (>= 4.0.0) - framework: dnxcore50
      System.Runtime (>= 4.0.20) - framework: dnxcore50
      System.Threading (>= 4.0.10) - framework: dnxcore50
    System.Private.Uri (4.0.1-beta-23516) - framework: dnxcore50
    System.Reflection (4.1.0-beta-23516) - framework: dnxcore50
      System.IO (>= 4.0.0)
      System.Reflection.Primitives (>= 4.0.0)
      System.Runtime (>= 4.0.0)
      System.Runtime (>= 4.0.20)
    System.Reflection.Emit (4.0.0) - framework: dnxcore50
      System.IO (>= 4.0.0) - framework: dnxcore50
      System.Reflection (>= 4.0.0) - framework: dnxcore50
      System.Reflection.Emit.ILGeneration (>= 4.0.0) - framework: dnxcore50
      System.Reflection.Primitives (>= 4.0.0) - framework: dnxcore50
      System.Runtime (>= 4.0.0) - framework: dnxcore50
    System.Reflection.Emit.ILGeneration (4.0.0) - framework: dnxcore50
      System.Reflection (>= 4.0.0) - framework: dnxcore50
      System.Reflection.Primitives (>= 4.0.0) - framework: dnxcore50
      System.Runtime (>= 4.0.0) - framework: dnxcore50
    System.Reflection.Extensions (4.0.1-beta-23516) - framework: dnxcore50
      System.Diagnostics.Debug (>= 4.0.10) - framework: dnxcore50
      System.Reflection (>= 4.0.0)
      System.Reflection (>= 4.0.10) - framework: dnxcore50
      System.Reflection.Primitives (>= 4.0.0) - framework: dnxcore50
      System.Reflection.TypeExtensions (>= 4.1.0-beta-23516) - framework: dnxcore50
      System.Resources.ResourceManager (>= 4.0.0) - framework: dnxcore50
      System.Runtime (>= 4.0.0)
      System.Runtime (>= 4.0.20) - framework: dnxcore50
      System.Runtime.Extensions (>= 4.0.10) - framework: dnxcore50
    System.Reflection.Primitives (4.0.1-beta-23516) - framework: dnxcore50
      System.Runtime (>= 4.0.0)
      System.Threading (>= 4.0.0) - framework: dnxcore50
    System.Reflection.TypeExtensions (4.1.0-beta-23516) - framework: dnxcore50
      System.Diagnostics.Contracts (>= 4.0.0) - framework: dnxcore50
      System.Diagnostics.Debug (>= 4.0.10) - framework: dnxcore50
      System.Linq (>= 4.0.0) - framework: dnxcore50
      System.Reflection (>= 4.0.0)
      System.Reflection (>= 4.0.10) - framework: dnxcore50
      System.Reflection.Primitives (>= 4.0.0) - framework: dnxcore50
      System.Resources.ResourceManager (>= 4.0.0) - framework: dnxcore50
      System.Runtime (>= 4.0.0)
      System.Runtime (>= 4.0.20) - framework: dnxcore50
      System.Runtime.Extensions (>= 4.0.10) - framework: dnxcore50
    System.Resources.ResourceManager (4.0.1-beta-23516) - framework: dnxcore50
      System.Globalization (>= 4.0.0)
      System.Reflection (>= 4.0.0)
      System.Reflection (>= 4.0.10) - framework: dnxcore50
      System.Runtime (>= 4.0.0)
      System.Runtime (>= 4.0.20) - framework: dnxcore50
    System.Runtime (4.0.21-beta-23516)
      System.Private.Uri (>= 4.0.1-beta-23516) - framework: dnxcore50
    System.Runtime.Extensions (4.0.11-beta-23516)
      System.Runtime (>= 4.0.0)
      System.Runtime (>= 4.0.20)
    System.Runtime.Handles (4.0.0)
      System.Runtime (>= 4.0.0) - framework: dnxcore50
    System.Runtime.InteropServices (4.0.20) - framework: dnxcore50
      System.Reflection (>= 4.0.0) - framework: dnxcore50
      System.Reflection.Primitives (>= 4.0.0) - framework: dnxcore50
      System.Runtime (>= 4.0.0) - framework: dnxcore50
      System.Runtime.Handles (>= 4.0.0) - framework: dnxcore50
    System.Text.Encoding (4.0.10)
      System.Runtime (>= 4.0.0) - framework: dnxcore50
    System.Text.Encoding.Extensions (4.0.10) - framework: dnxcore50
      System.Runtime (>= 4.0.0) - framework: dnxcore50
      System.Text.Encoding (>= 4.0.10) - framework: dnxcore50
    System.Threading (4.0.11-beta-23516)
      System.Runtime (>= 4.0.0)
      System.Threading.Tasks (>= 4.0.0)
    System.Threading.Tasks (4.0.11-beta-23516)
      System.Runtime (>= 4.0.0)
    TickSpec (1.0.1.1)
    TickSpec.NUnit (1.0.0.1)
      NUnit
      TickSpec
    WebSharper (3.5.14.215)
    WebSharper.Owin (3.5.5.112)
      Microsoft.Owin (>= 3.0.1)
      Owin (>= 1.0)
      WebSharper (>= 3.5.12.213)
    WebSharper.Suave (3.5.6.19)
      Mono.Cecil (>= 0.9.6.1)
      Suave (>= 0.32.1)
      WebSharper (>= 3.5.12.213)
      WebSharper.Owin (>= 3.5.5.112)
    WebSharper.UI.Next (3.5.17.191)
      WebSharper (>= 3.5.13.214)
    Zlib.Portable (1.11.0) - framework: portable-net40+sl50+wp80+win80
GITHUB
  remote: fsharp/FAKE
  specs:
    modules/Octokit/Octokit.fsx (917a86046700e4eaaa2aa09de7895e048eaaa1b1)
      Octokit